GEM
  remote: https://rubygems.org/
  specs:
    coderay (1.1.2)
    equatable (0.6.1)
    method_source (1.0.0)
    mini_portile2 (2.4.0)
    nokogiri (1.10.9)
      mini_portile2 (~> 2.4.0)
    pastel (0.7.4)
      equatable (~> 0.6)
      tty-color (~> 0.5)
    pry (0.13.1)
      coderay (~> 1.1)
      method_source (~> 1.0)
    rake (12.3.3)
    require_all (2.0.0)
    tty-color (0.5.1)
    tty-font (0.5.0)
    word_wrap (1.0.0)

PLATFORMS
  ruby

DEPENDENCIES
  nokogiri
  pastel
  pry
  rake (~> 12.3)
  require_all
  tty-font (~> 0.5.0)
  word_wrap (~> 1.0)

BUNDLED WITH
   2.1.4
