GEM
  remote: https://rubygems.org/
  specs:
    coderay (1.1.2)
    method_source (1.0.0)
    mini_portile2 (2.4.0)
    nokogiri (1.10.9)
      mini_portile2 (~> 2.4.0)
    pry (0.13.1)
      coderay (~> 1.1)
      method_source (~> 1.0)
    rake (12.3.2)
    require_all (2.0.0)

PLATFORMS
  ruby

DEPENDENCIES
  nokogiri
  pry
  rake (~> 12.0)
  require_all

BUNDLED WITH
   2.1.4
